GEM
  remote: https://rubygems.org/
  specs:
    aescrypt (1.0.0)
    ast (2.4.0)
    builder (3.2.3)
    coderay (1.1.2)
    concurrent-ruby (1.0.5-java)
    dell-asm-util (0.1.0)
      aescrypt
      hashie
      i18n
      net-ssh
      nokogiri
      pry
      rest-client
      trollop
    diff-lcs (1.3)
    domain_name (0.5.20170404)
      unf (>= 0.0.5, < 1.0.0)
    facter (2.5.1)
    fast_gettext (1.1.2)
    ffi (1.9.23-java)
    fishwife (1.10.0-java)
      rack (>= 1.6.4, < 2.1)
      rjack-jetty (>= 9.2.11, < 9.5)
      rjack-slf4j (~> 1.7.2)
    formatador (0.2.5)
    guard (2.14.2)
      formatador (>= 0.2.4)
      listen (>= 2.7, < 4.0)
      lumberjack (>= 1.0.12, < 2.0)
      nenv (~> 0.1)
      notiffany (~> 0.0)
      pry (>= 0.9.12)
      shellany (~> 0.0)
      thor (>= 0.18.1)
    guard-compat (1.2.1)
    guard-shell (0.7.1)
      guard (>= 2.0.0)
      guard-compat (~> 1.0)
    hashie (3.5.7)
    hiera (3.4.2)
    http-cookie (1.0.3)
      domain_name (~> 0.5)
    i18n (0.9.5)
      concurrent-ruby (~> 1.0)
    jdbc-postgres (42.1.4)
    jruby-openssl (0.9.21-java)
    json (2.1.0-java)
    json_pure (2.0.1)
    kramdown (1.16.2)
    listen (3.1.5)
      rb-fsevent (~> 0.9, >= 0.9.4)
      rb-inotify (~> 0.9, >= 0.9.7)
      ruby_dep (~> 1.2)
    locale (2.1.2)
    logger-colors (1.0.0)
    lumberjack (1.0.12)
    metaclass (0.0.4)
    method_source (0.9.0)
    mime-types (3.1)
      mime-types-data (~> 3.2015)
    mime-types-data (3.2016.0521)
    mocha (1.3.0)
      metaclass (~> 0.0.1)
    nenv (0.3.0)
    net-ssh (4.2.0)
    netrc (0.11.0)
    nokogiri (1.8.2-java)
    notiffany (0.1.1)
      nenv (~> 0.1)
      shellany (~> 0.0)
    parser (2.5.0.4)
      ast (~> 2.4.0)
    powerpack (0.1.1)
    pry (0.11.3-java)
      coderay (~> 1.1.0)
      method_source (~> 0.9.0)
      spoon (~> 0.0)
    puppet (5.4.0)
      facter (> 2.0.1, < 4)
      fast_gettext (~> 1.1.2)
      hiera (>= 3.2.1, < 4)
      locale (~> 2.1)
    puppetlabs_spec_helper (0.4.1)
      mocha (>= 0.10.5)
      rake
      rspec (>= 2.9.0)
      rspec-puppet (>= 0.1.1)
    rack (1.6.9)
    rack-protection (1.5.5)
      rack
    rainbow (2.1.0)
    rake (12.3.0)
    rb-fsevent (0.10.3)
    rb-inotify (0.9.10)
      ffi (>= 0.5.0, < 2)
    rbvmomi (1.11.7)
      builder (~> 3.0)
      json (>= 1.8)
      nokogiri (~> 1.5)
      trollop (~> 2.1)
    rest-client (2.0.2)
      http-cookie (>= 1.0.2, < 2.0)
      mime-types (>= 1.16, < 4.0)
      netrc (~> 0.8)
    rjack-jetty (9.4.6.0-java)
    rjack-logback (1.9.0-java)
      rjack-slf4j (~> 1.7.16)
    rjack-slf4j (1.7.25.0-java)
    rspec (3.7.0)
      rspec-core (~> 3.7.0)
      rspec-expectations (~> 3.7.0)
      rspec-mocks (~> 3.7.0)
    rspec-core (3.7.1)
      rspec-support (~> 3.7.0)
    rspec-expectations (3.7.0)
      diff-lcs (>= 1.2.0, < 2.0)
      rspec-support (~> 3.7.0)
    rspec-mocks (3.7.0)
      diff-lcs (>= 1.2.0, < 2.0)
      rspec-support (~> 3.7.0)
    rspec-puppet (2.6.11)
      rspec
    rspec-support (3.7.1)
    rubocop (0.47.1)
      parser (>= 2.3.3.1, < 3.0)
      powerpack (~> 0.1)
      rainbow (>= 1.99.1, < 3.0)
      ruby-progressbar (~> 1.7)
      unicode-display_width (~> 1.0, >= 1.0.1)
    ruby-progressbar (1.9.0)
    ruby_dep (1.5.0)
    sequel (5.5.0)
    shellany (0.0.1)
    sinatra (1.4.8)
      rack (~> 1.5)
      rack-protection (~> 1.4)
      tilt (>= 1.3, < 3)
    spoon (0.0.6)
      ffi
    thor (0.20.0)
    tilt (2.0.8)
    trollop (2.1.2)
    unf (0.1.4-java)
    unicode-display_width (1.3.0)
    yard (0.9.12)
    net-scp

PLATFORMS
  java

DEPENDENCIES
  aescrypt (~> 1.0.0)
  concurrent-ruby (~> 1.0.0)
  coveralls
  dell-asm-util (~> 0.1.0)
  fishwife
  guard-shell
  hashie (~> 3.5.7)
  i18n (~> 0.9.4)
  jdbc-postgres (~> 42.1.4)
  jruby-openssl (~> 0.9.17)
  json_pure (= 2.0.1)
  kramdown
  listen (~> 3.1.5)
  logger-colors (~> 1.0.0)
  mocha
  nokogiri (~> 1.8.2)
  pg (~> 1.0.0)
  puppet
  puppetlabs_spec_helper (~> 0.4.1)
  rainbow (~> 2.1.0)
  rake
  rbvmomi (~> 1.11.6)
  rest-client (~> 2.0.2)
  rjack-logback
  rspec (~> 3.7.0)
  rubocop (= 0.47.1)
  ruby-prof (~> 0.17.0)
  sequel (~> 5.5.0)
  sinatra (~> 1.4.5)
  sys-admin
  trollop (~> 2.1.2)
  unicode-display_width (~> 1.3.0)
  win32-dir
  win32-process
  win32-security
  win32-service
  win32-taskscheduler
  windows-pr
  yard

BUNDLED WITH
   1.16.1
